GIT
  remote: git://github.com/MiYa-Solutions/best_in_place.git
  revision: 68f39411ccfb02ddab969f65c3995ce60b6f17f8
  specs:
    best_in_place (2.1.0)
      jquery-rails
      rails (~> 3.1)

GIT
  remote: git://github.com/MiYa-Solutions/rails3-jquery-autocomplete.git
  revision: 661735badef6d7adafc196c3d6bda07a45a43b6d
  specs:
    rails3-jquery-autocomplete (1.0.10)
      rails (~> 3.0)

GEM
  remote: http://rubygems.org/
  specs:
    Ascii85 (1.0.2)
    RedCloth (4.2.9)
    actionmailer (3.2.22)
      actionpack (= 3.2.22)
      mail (~> 2.5.4)
    actionpack (3.2.22)
      activemodel (= 3.2.22)
      activesupport (= 3.2.22)
      builder (~> 3.0.0)
      erubis (~> 2.7.0)
      journey (~> 1.0.4)
      rack (~> 1.4.5)
      rack-cache (~> 1.2)
      rack-test (~> 0.6.1)
      sprockets (~> 2.2.1)
    active_attr (0.7.0)
      activemodel (>= 3.0.2, < 4.1)
      activesupport (>= 3.0.2, < 4.1)
    activeadmin (0.6.6)
      arbre (~> 1.0)
      bourbon (>= 1.0.0, < 4)
      devise (>= 1.5.4, < 4)
      formtastic (~> 2.0)
      inherited_resources (~> 1.3)
      jquery-rails (>= 1.0.0, < 3)
      kaminari (~> 0.13, != 0.15.0)
      meta_search (~> 1.0)
      rails (>= 3.0.0, < 4)
      sass (~> 3.1)
    activemodel (3.2.22)
      activesupport (= 3.2.22)
      builder (~> 3.0.0)
    activerecord (3.2.22)
      activemodel (= 3.2.22)
      activesupport (= 3.2.22)
      arel (~> 3.0.2)
      tzinfo (~> 0.3.29)
    activerecord-postgres-hstore (0.7.5)
      activerecord (>= 3.1)
      pg-hstore (>= 1.1.5)
      rake
    activeresource (3.2.22)
      activemodel (= 3.2.22)
      activesupport (= 3.2.22)
    activesupport (3.2.22)
      i18n (~> 0.6, >= 0.6.4)
      multi_json (~> 1.0)
    acts_as_commentable_with_threading (1.2.0)
      activerecord (>= 3.0)
      activesupport (>= 3.0)
      awesome_nested_set (>= 2.0)
    addressable (2.2.8)
    afm (0.2.2)
    american_date (1.0.0)
    annotate (2.5.0)
      rake
    arbre (1.0.3)
      activesupport (>= 3.0.0)
    arel (3.0.3)
    arrayfields (4.9.2)
    awesome_nested_set (2.1.6)
      activerecord (>= 3.0.0)
    awesome_print (1.2.0)
    bcrypt (3.1.10)
    bcrypt-ruby (3.0.1)
    better_errors (2.0.0)
      coderay (>= 1.0.0)
      erubis (>= 2.6.6)
      rack (>= 0.9.0)
    binding_of_caller (0.7.2)
      debug_inspector (>= 0.0.1)
    bootstrap-datepicker-rails (1.3.0.2)
      railties (>= 3.0)
    bootstrap-editable-rails (0.0.4)
      railties (~> 3.1)
    bootstrap-sass (2.0.4.0)
    bootstrap-will_paginate (0.0.5)
      will_paginate
    bourbon (3.2.4)
      sass (~> 3.2)
      thor
    builder (3.0.4)
    callsite (0.0.11)
    cane (2.6.2)
      parallel
    capybara (2.4.3)
      mime-types (>= 1.16)
      nokogiri (>= 1.3.3)
      rack (>= 1.0.0)
      rack-test (>= 0.5.4)
      xpath (~> 2.0)
    capybara-screenshot (0.3.4)
      capybara (>= 1.0, < 3)
    carmen (1.0.0.beta2)
    carmen-rails (1.0.0.beta3)
      carmen (~> 1.0.0.beta2)
      rails
    chosen-rails (1.1.0)
      coffee-rails (>= 3.2)
      compass-rails (>= 1.1.2)
      railties (>= 3.0)
      sass-rails (>= 3.2)
    chronic (0.10.2)
    chunky_png (1.3.1)
    churn (0.0.35)
      chronic (>= 0.2.3)
      hirb
      json_pure
      main
      rest-client (>= 1.6.0)
      ruby_parser (~> 3.0)
      sexp_processor (~> 4.1)
    cliver (0.3.2)
    code_analyzer (0.4.5)
      sexp_processor
    code_metrics (0.1.3)
    coderay (1.1.0)
    coffee-rails (3.2.2)
      coffee-script (>= 2.2.0)
      railties (~> 3.2.0)
    coffee-script (2.3.0)
      coffee-script-source
      execjs
    coffee-script-source (1.8.0)
    colored (1.2)
    compass (0.12.6)
      chunky_png (~> 1.2)
      fssm (>= 0.2.7)
      sass (~> 3.2.19)
    compass-rails (2.0.0)
      compass (>= 0.12.2)
    cucumber (1.3.17)
      builder (>= 2.1.2)
      diff-lcs (>= 1.1.3)
      gherkin (~> 2.12)
      multi_json (>= 1.7.5, < 2.0)
      multi_test (>= 0.1.1)
    cucumber-rails (1.2.1)
      capybara (>= 1.1.2)
      cucumber (>= 1.1.3)
      nokogiri (>= 1.5.0)
    daemons (1.1.9)
    database_cleaner (0.9.1)
    debase (0.1.1)
      debase-ruby_core_source
    debase-ruby_core_source (0.7.3)
    debug_inspector (0.0.2)
    declarative_authorization (0.5.7)
    devise (3.4.1)
      bcrypt (~> 3.0)
      orm_adapter (~> 0.1)
      railties (>= 3.2.6, < 5)
      responders
      thread_safe (~> 0.1)
      warden (~> 1.2.3)
    diff-lcs (1.2.5)
    docile (1.1.5)
    erubis (2.7.0)
    eventmachine (1.0.7)
    excon (0.39.6)
    execjs (2.2.1)
    factory_girl (4.1.0)
      activesupport (>= 3.0.0)
    factory_girl_rails (4.1.0)
      factory_girl (~> 4.1.0)
      railties (>= 3.0.0)
    faker (1.4.3)
      i18n (~> 0.5)
    fattr (2.2.2)
    faye-websocket (0.9.2)
      eventmachine (>= 0.12.0)
      websocket-driver (>= 0.5.1)
    figaro (0.5.3)
      rails (~> 3.0)
    flay (2.5.0)
      ruby_parser (~> 3.0)
      sexp_processor (~> 4.0)
    flog (4.3.0)
      ruby_parser (~> 3.1, > 3.1.0)
      sexp_processor (~> 4.4)
    formtastic (2.3.1)
      actionpack (>= 3.0)
    fssm (0.2.10)
    fullcalendar-rails (1.5.4.0)
    gherkin (2.12.2)
      multi_json (~> 1.3)
    handlebars_assets (0.18)
      execjs (>= 1.2.9)
      multi_json
      sprockets (>= 2.0.3)
      tilt
    has_scope (0.6.0)
      actionpack (>= 3.2, < 5)
      activesupport (>= 3.2, < 5)
    hashery (2.1.1)
    heroku-api (0.3.19)
      excon (~> 0.38)
      multi_json (~> 1.8)
    heroku_san (4.3.2)
      heroku-api (>= 0.1.2)
      json
      rake
    hike (1.2.3)
    hirb (0.7.2)
    i18n (0.6.11)
    inherited_resources (1.6.0)
      actionpack (>= 3.2, < 5)
      has_scope (~> 0.6.0.rc)
      railties (>= 3.2, < 5)
      responders
    journey (1.0.4)
    jquery-datatables-rails (3.1.1)
      actionpack (>= 3.1)
      jquery-rails
      railties (>= 3.1)
      sass-rails
    jquery-rails (2.1.4)
      railties (>= 3.0, < 5.0)
      thor (>= 0.14, < 2.0)
    jquery-ui-rails (4.1.1)
      railties (>= 3.1.0)
    jquery_mobile_rails (1.2.0)
      rails (>= 3.1.0)
    json (1.8.3)
    json_pure (1.8.1)
    kaminari (0.16.3)
      actionpack (>= 3.0.0)
      activesupport (>= 3.0.0)
    kgio (2.9.2)
    launchy (2.1.0)
      addressable (~> 2.2.6)
    letter_opener (1.0.0)
      launchy (>= 2.0.4)
    magiclabs-userstamp (2.0.2)
    mail (2.5.4)
      mime-types (~> 1.16)
      treetop (~> 1.4.8)
    main (6.0.0)
      arrayfields (>= 4.7.4)
      chronic (>= 0.6.2)
      fattr (>= 2.2.0)
      map (>= 5.1.0)
    map (6.5.5)
    meta_request (0.3.4)
      callsite (~> 0.0, >= 0.0.11)
      rack-contrib (~> 1.1)
      railties (>= 3.0.0, < 5.0.0)
    meta_search (1.1.3)
      actionpack (~> 3.1)
      activerecord (~> 3.1)
      activesupport (~> 3.1)
      polyamorous (~> 0.5.0)
    metaclass (0.0.4)
    method_source (0.8.2)
    metric_fu (4.11.1)
      cane (~> 2.5, >= 2.5.2)
      churn (~> 0.0.35)
      code_metrics (~> 0.1)
      coderay
      flay (~> 2.1, >= 2.0.1)
      flog (~> 4.1, >= 4.1.1)
      launchy (~> 2.0)
      metric_fu-Saikuro (~> 1.1, >= 1.1.3)
      multi_json
      rails_best_practices (~> 1.14, >= 1.14.3)
      redcard
      reek (~> 1.3, >= 1.3.4)
      roodi (~> 3.1)
    metric_fu-Saikuro (1.1.3)
    mime-types (1.25.1)
    mini_portile (0.6.2)
    mocha (1.1.0)
      metaclass (~> 0.0.1)
    momentjs-rails (2.10.6)
      railties (>= 3.1)
    monetize (0.1.4)
    money (6.0.1)
      i18n (~> 0.6.4)
      monetize (~> 0.1.3)
    money-rails (0.9.0)
      activesupport (>= 3.0)
      money (~> 6.0.0)
      railties (>= 3.0)
    multi_json (1.11.2)
    multi_test (0.1.1)
    netrc (0.7.7)
    newrelic_rpm (3.9.5.251)
    nifty-generators (0.4.6)
    nokogiri (1.6.6.2)
      mini_portile (~> 0.6.0)
    orm_adapter (0.5.0)
    paper_trail (3.0.0)
      activerecord (>= 3.0, < 5.0)
      activesupport (>= 3.0, < 5.0)
    parallel (1.3.3)
    parsley-rails (2.0.6.0)
      railties (>= 3.0.0)
    pdf-reader (1.3.3)
      Ascii85 (~> 1.0.0)
      afm (~> 0.2.0)
      hashery (~> 2.0)
      ruby-rc4
      ttfunk
    pg (0.17.1)
    pg-hstore (1.2.0)
    poltergeist (1.6.0)
      capybara (~> 2.1)
      cliver (~> 0.3.1)
      multi_json (~> 1.0)
      websocket-driver (>= 0.2.0)
    polyamorous (0.5.0)
      activerecord (~> 3.0)
    polyglot (0.3.5)
    prawn (0.13.2)
      pdf-reader (~> 1.2)
      ruby-rc4
      ttfunk (~> 1.0.3)
    quiet_assets (1.0.3)
      railties (>= 3.1, < 5.0)
    rack (1.4.7)
    rack-cache (1.5.1)
      rack (>= 0.4)
    rack-contrib (1.1.0)
      rack (>= 0.9.1)
    rack-mini-profiler (0.9.3)
      rack (>= 1.1.3)
    rack-ssl (1.3.4)
      rack
    rack-test (0.6.3)
      rack (>= 1.0)
    rails (3.2.22)
      actionmailer (= 3.2.22)
      actionpack (= 3.2.22)
      activerecord (= 3.2.22)
      activeresource (= 3.2.22)
      activesupport (= 3.2.22)
      bundler (~> 1.0)
      railties (= 3.2.22)
    rails-bootstrap-daterangepicker (0.1.0)
    rails3_acts_as_paranoid (0.2.5)
      activerecord (~> 3.2)
    rails_12factor (0.0.2)
      rails_serve_static_assets
      rails_stdout_logging
    rails_best_practices (1.15.4)
      activesupport
      awesome_print
      code_analyzer (>= 0.4.3)
      colored
      erubis
      i18n
      json
      require_all
      ruby-progressbar
    rails_serve_static_assets (0.0.2)
    rails_stdout_logging (0.0.3)
    railties (3.2.22)
      actionpack (= 3.2.22)
      activesupport (= 3.2.22)
      rack-ssl (~> 1.3.2)
      rake (>= 0.8.7)
      rdoc (~> 3.4)
      thor (>= 0.14.6, < 2.0)
    rainbow (2.0.0)
    raindrops (0.13.0)
    rake (10.5.0)
    rb-fsevent (0.9.1)
    rdoc (3.12.2)
      json (~> 1.4)
    redcard (1.1.0)
    reek (1.3.8)
      rainbow (>= 1.99, < 3.0)
      ruby2ruby (>= 2.0.8, < 3.0)
      ruby_parser (~> 3.3)
      sexp_processor
    require_all (1.3.2)
    responders (1.1.2)
      railties (>= 3.2, < 4.2)
    rest-client (1.7.2)
      mime-types (>= 1.16, < 3.0)
      netrc (~> 0.7)
    roo (1.13.2)
      nokogiri
      rubyzip
      spreadsheet (> 0.6.4)
    roodi (3.3.1)
      ruby_parser (~> 3.2, >= 3.2.2)
    rspec (2.13.0)
      rspec-core (~> 2.13.0)
      rspec-expectations (~> 2.13.0)
      rspec-mocks (~> 2.13.0)
    rspec-core (2.13.1)
    rspec-expectations (2.13.0)
      diff-lcs (>= 1.1.3, < 2.0)
    rspec-mocks (2.13.1)
    rspec-rails (2.13.0)
      actionpack (>= 3.0)
      activesupport (>= 3.0)
      railties (>= 3.0)
      rspec-core (~> 2.13.0)
      rspec-expectations (~> 2.13.0)
      rspec-mocks (~> 2.13.0)
    rspec_candy (0.3.1)
      rspec
      sneaky-save
    ruby-debug-ide (0.4.24)
      rake (>= 0.8.1)
    ruby-graphviz (1.2.1)
    ruby-ole (1.2.11.7)
    ruby-progressbar (1.6.0)
    ruby-rc4 (0.1.5)
    ruby2ruby (2.1.3)
      ruby_parser (~> 3.1)
      sexp_processor (~> 4.0)
    ruby_parser (3.6.3)
      sexp_processor (~> 4.1)
    rubyzip (1.1.6)
    sass (3.2.19)
    sass-rails (3.2.4)
      railties (~> 3.2.0)
      sass (>= 3.1.10)
      tilt (~> 1.3)
    select2-rails (3.3.1)
      sass-rails (>= 3.2)
      thor (~> 0.14)
    sexp_processor (4.4.4)
    shoulda-matchers (2.7.0)
      activesupport (>= 3.0.0)
    simple_form (2.0.2)
      actionpack (~> 3.0)
      activemodel (~> 3.0)
    simple_token_authentication (1.7.0)
      actionmailer (>= 3.2.6, < 5)
      actionpack (>= 3.2.6, < 5)
      devise (~> 3.2)
    simplecov (0.9.1)
      docile (~> 1.1.0)
      multi_json (~> 1.0)
      simplecov-html (~> 0.8.0)
    simplecov-html (0.8.0)
    site_prism (2.2)
      capybara (>= 2.0.2, < 3.0)
      rspec (~> 2.0)
    sneaky-save (0.1.0)
      activerecord (>= 3.2.0)
    spork (0.9.2)
    spreadsheet (1.0.0)
      ruby-ole (>= 1.0)
    sprockets (2.2.3)
      hike (~> 1.2)
      multi_json (~> 1.0)
      rack (~> 1.0)
      tilt (~> 1.1, != 1.3.0)
    state_machine (1.1.2)
    strong_parameters (0.2.3)
      actionpack (~> 3.0)
      activemodel (~> 3.0)
      activesupport (~> 3.0)
      railties (~> 3.0)
    thin (1.6.3)
      daemons (~> 1.0, >= 1.0.9)
      eventmachine (~> 1.0)
      rack (~> 1.0)
    thor (0.19.1)
    thread_safe (0.3.5)
    tilt (1.4.1)
    treetop (1.4.15)
      polyglot
      polyglot (>= 0.3.1)
    ttfunk (1.0.3)
    tzinfo (0.3.44)
    uglifier (1.2.3)
      execjs (>= 0.3.0)
      multi_json (>= 1.0.2)
    unicorn (4.8.3)
      kgio (~> 2.6)
      rack
      raindrops (~> 0.7)
    validates_email_format_of (1.6.1)
      i18n
    warden (1.2.3)
      rack (>= 1.0)
    websocket-driver (0.5.3)
      websocket-extensions (>= 0.1.0)
    websocket-extensions (0.1.2)
    wicked_pdf (0.11.0)
      rails
    will_paginate (3.0.5)
    wkhtmltopdf-binary (0.9.9.3)
    xpath (2.0.0)
      nokogiri (~> 1.3)

PLATFORMS
  ruby

DEPENDENCIES
  RedCloth (~> 4.2.9)
  active_attr (= 0.7.0)
  activeadmin (= 0.6.6)
  activerecord-postgres-hstore (= 0.7.5)
  acts_as_commentable_with_threading
  american_date (= 1.0.0)
  annotate (= 2.5.0)
  bcrypt-ruby (= 3.0.1)
  best_in_place!
  better_errors
  binding_of_caller
  bootstrap-datepicker-rails (= 1.3.0.2)
  bootstrap-editable-rails (= 0.0.4)
  bootstrap-sass (= 2.0.4)
  bootstrap-will_paginate (= 0.0.5)
  capybara (= 2.4.3)
  capybara-screenshot (= 0.3.4)
  carmen (= 1.0.0.beta2)
  carmen-rails (= 1.0.0.beta3)
  chosen-rails (= 1.1.0)
  coffee-rails (= 3.2.2)
  compass (= 0.12.6)
  cucumber-rails (= 1.2.1)
  database_cleaner (~> 0.9.1)
  debase (~> 0.1.1)
  declarative_authorization (= 0.5.7)
  devise (~> 3.4.1)
  factory_girl_rails (= 4.1.0)
  faker (= 1.4.3)
  faye-websocket (= 0.9.2)
  figaro (= 0.5.3)
  fullcalendar-rails (= 1.5.4.0)
  handlebars_assets
  heroku_san
  jquery-datatables-rails (= 3.1.1)
  jquery-rails (= 2.1.4)
  jquery-ui-rails (= 4.1.1)
  jquery_mobile_rails (= 1.2.0)
  launchy (= 2.1.0)
  letter_opener
  magiclabs-userstamp (= 2.0.2)
  meta_request
  meta_search (>= 1.1.0.pre)
  method_source
  metric_fu
  mocha
  momentjs-rails
  monetize (= 0.1.4)
  money-rails (= 0.9.0)
  newrelic_rpm
  nifty-generators
  paper_trail (= 3.0.0)
  parsley-rails
  pg (= 0.17.1)
  poltergeist (= 1.6.0)
  prawn (~> 0.13.1)
  quiet_assets
  rack-mini-profiler
  rails (= 3.2.22)
  rails-bootstrap-daterangepicker
  rails3-jquery-autocomplete!
  rails3_acts_as_paranoid (~> 0.2.5)
  rails_12factor
  rb-fsevent (= 0.9.1)
  rest-client (~> 1.7.2)
  roo
  rspec-rails (= 2.13.0)
  rspec_candy
  ruby-debug-ide
  ruby-graphviz
  ruby_parser
  sass-rails (= 3.2.4)
  select2-rails (= 3.3.1)
  shoulda-matchers
  simple_form (= 2.0.2)
  simple_token_authentication (~> 1.0)
  simplecov
  site_prism
  spork (= 0.9.2)
  state_machine (= 1.1.2)
  strong_parameters (= 0.2.3)
  thin (= 1.6.3)
  uglifier (= 1.2.3)
  unicorn (~> 4.8.0)
  validates_email_format_of
  wicked_pdf
  will_paginate (= 3.0.5)
  wkhtmltopdf-binary
