GIT
  remote: git://github.com/MiYa-Solutions/best_in_place.git
  revision: 68f39411ccfb02ddab969f65c3995ce60b6f17f8
  specs:
    best_in_place (2.1.0)
      jquery-rails
      rails (~> 3.1)

GIT
  remote: git://github.com/MiYa-Solutions/rails3-jquery-autocomplete.git
  revision: 8b81cbb1f0084be75eef644a6fce973d5323994e
  specs:
    rails3-jquery-autocomplete (1.0.10)
      rails (~> 3.0)

GEM
  remote: http://rubygems.org/
  specs:
    actionmailer (3.2.12)
      actionpack (= 3.2.12)
      mail (~> 2.4.4)
    actionpack (3.2.12)
      activemodel (= 3.2.12)
      activesupport (= 3.2.12)
      builder (~> 3.0.0)
      erubis (~> 2.7.0)
      journey (~> 1.0.4)
      rack (~> 1.4.5)
      rack-cache (~> 1.2)
      rack-test (~> 0.6.1)
      sprockets (~> 2.2.1)
    active_attr (0.7.0)
      activemodel (>= 3.0.2, < 4.1)
      activesupport (>= 3.0.2, < 4.1)
    activemodel (3.2.12)
      activesupport (= 3.2.12)
      builder (~> 3.0.0)
    activerecord (3.2.12)
      activemodel (= 3.2.12)
      activesupport (= 3.2.12)
      arel (~> 3.0.2)
      tzinfo (~> 0.3.29)
    activerecord-postgres-hstore (0.7.5)
      activerecord (>= 3.1)
      pg-hstore (>= 1.1.5)
      rake
    activeresource (3.2.12)
      activemodel (= 3.2.12)
      activesupport (= 3.2.12)
    activesupport (3.2.12)
      i18n (~> 0.6)
      multi_json (~> 1.0)
    addressable (2.2.8)
    american_date (1.0.0)
    annotate (2.5.0)
      rake
    arel (3.0.2)
    bcrypt-ruby (3.0.1)
    bcrypt-ruby (3.0.1-x86-mingw32)
    better_errors (0.8.0)
      coderay (>= 1.0.0)
      erubis (>= 2.6.6)
    binding_of_caller (0.7.1)
      debug_inspector (>= 0.0.1)
    bootstrap-datepicker-rails (1.0.0)
      railties (>= 3.0)
    bootstrap-editable-rails (0.0.4)
      railties (~> 3.1)
    bootstrap-sass (2.0.4.0)
    bootstrap-will_paginate (0.0.5)
      will_paginate
    builder (3.0.4)
    callsite (0.0.11)
    capybara (2.0.2)
      mime-types (>= 1.16)
      nokogiri (>= 1.3.3)
      rack (>= 1.0.0)
      rack-test (>= 0.5.4)
      selenium-webdriver (~> 2.0)
      xpath (~> 1.0.0)
    capybara-screenshot (0.3.4)
      capybara (>= 1.0, < 3)
    carmen (1.0.0.beta2)
    carmen-rails (1.0.0.beta3)
      carmen (~> 1.0.0.beta2)
      rails
    childprocess (0.3.9)
      ffi (~> 1.0, >= 1.0.11)
    coderay (1.0.9)
    coffee-rails (3.2.2)
      coffee-script (>= 2.2.0)
      railties (~> 3.2.0)
    coffee-script (2.2.0)
      coffee-script-source
      execjs
    coffee-script-source (1.6.2)
    cucumber (1.3.1)
      builder (>= 2.1.2)
      diff-lcs (>= 1.1.3)
      gherkin (~> 2.12.0)
      multi_json (~> 1.3)
    cucumber-rails (1.2.1)
      capybara (>= 1.1.2)
      cucumber (>= 1.1.3)
      nokogiri (>= 1.5.0)
    daemons (1.1.9)
    database_cleaner (0.9.1)
    debug_inspector (0.0.2)
    declarative_authorization (0.5.5)
    devise (2.0.0)
      bcrypt-ruby (~> 3.0)
      orm_adapter (~> 0.0.3)
      railties (~> 3.1)
      warden (~> 1.1)
    diff-lcs (1.2.4)
    erubis (2.7.0)
    eventmachine (1.0.3)
    eventmachine (1.0.3-x86-mingw32)
    execjs (1.4.0)
      multi_json (~> 1.0)
    factory_girl (4.1.0)
      activesupport (>= 3.0.0)
    factory_girl_rails (4.1.0)
      factory_girl (~> 4.1.0)
      railties (>= 3.0.0)
    faker (1.0.1)
      i18n (~> 0.4)
    faye-websocket (0.5.0)
      eventmachine (>= 0.12.0)
      websocket-driver
    ffi (1.8.1)
    ffi (1.8.1-x86-mingw32)
    figaro (0.5.3)
      rails (~> 3.0)
    fullcalendar-rails (1.5.4.0)
    gherkin (2.12.0)
      multi_json (~> 1.3)
    gherkin (2.12.0-x86-mingw32)
      multi_json (~> 1.3)
    hike (1.2.2)
    http_parser.rb (0.5.3)
    http_parser.rb (0.5.3-x86-mingw32)
    i18n (0.6.4)
    journey (1.0.4)
    jquery-datatables-rails (1.11.2)
      jquery-rails
    jquery-rails (2.1.4)
      railties (>= 3.0, < 5.0)
      thor (>= 0.14, < 2.0)
    jquery-ui-rails (4.0.1)
      jquery-rails
      railties (>= 3.1.0)
    jquery_mobile_rails (1.2.0)
      rails (>= 3.1.0)
    json (1.7.7)
    launchy (2.1.0)
      addressable (~> 2.2.6)
    letter_opener (1.0.0)
      launchy (>= 2.0.4)
    magiclabs-userstamp (2.0.2)
    mail (2.4.4)
      i18n (>= 0.4.0)
      mime-types (~> 1.16)
      treetop (~> 1.4.8)
    meta_request (0.2.5)
      callsite
      rack-contrib
      railties
    metaclass (0.0.1)
    mime-types (1.23)
    mocha (0.13.3)
      metaclass (~> 0.0.1)
    money (5.1.1)
      i18n (~> 0.6.0)
    money-rails (0.8.0)
      activesupport (>= 3.0)
      money (~> 5.1.0)
      railties (>= 3.0)
    multi_json (1.7.3)
    nifty-generators (0.4.6)
    nokogiri (1.5.9)
    nokogiri (1.5.9-x86-mingw32)
    orm_adapter (0.0.7)
    pg (0.14.1)
    pg (0.14.1-x86-mingw32)
    pg-hstore (1.1.7)
    poltergeist (1.1.0)
      capybara (~> 2.0, >= 2.0.1)
      faye-websocket (~> 0.4, >= 0.4.4)
      http_parser.rb (~> 0.5.3)
    polyglot (0.3.3)
    quiet_assets (1.0.2)
      railties (>= 3.1, < 5.0)
    rack (1.4.5)
    rack-cache (1.2)
      rack (>= 0.4)
    rack-contrib (1.1.0)
      rack (>= 0.9.1)
    rack-ssl (1.3.3)
      rack
    rack-test (0.6.2)
      rack (>= 1.0)
    rails (3.2.12)
      actionmailer (= 3.2.12)
      actionpack (= 3.2.12)
      activerecord (= 3.2.12)
      activeresource (= 3.2.12)
      activesupport (= 3.2.12)
      bundler (~> 1.0)
      railties (= 3.2.12)
    railties (3.2.12)
      actionpack (= 3.2.12)
      activesupport (= 3.2.12)
      rack-ssl (~> 1.3.2)
      rake (>= 0.8.7)
      rdoc (~> 3.4)
      thor (>= 0.14.6, < 2.0)
    rake (10.0.4)
    rb-fsevent (0.9.1)
    rdoc (3.12.2)
      json (~> 1.4)
    rspec-core (2.13.1)
    rspec-expectations (2.13.0)
      diff-lcs (>= 1.1.3, < 2.0)
    rspec-mocks (2.13.1)
    rspec-rails (2.13.0)
      actionpack (>= 3.0)
      activesupport (>= 3.0)
      railties (>= 3.0)
      rspec-core (~> 2.13.0)
      rspec-expectations (~> 2.13.0)
      rspec-mocks (~> 2.13.0)
    ruby-graphviz (1.0.9)
    ruby_parser (3.1.3)
      sexp_processor (~> 4.1)
    rubyzip (0.9.9)
    sass (3.2.8)
    sass-rails (3.2.4)
      railties (~> 3.2.0)
      sass (>= 3.1.10)
      tilt (~> 1.3)
    select2-rails (3.3.1)
      sass-rails (>= 3.2)
      thor (~> 0.14)
    selenium-webdriver (2.32.1)
      childprocess (>= 0.2.5)
      multi_json (~> 1.0)
      rubyzip
      websocket (~> 1.0.4)
    sexp_processor (4.2.1)
    shoulda (3.5.0)
      shoulda-context (~> 1.0, >= 1.0.1)
      shoulda-matchers (>= 1.4.1, < 3.0)
    shoulda-context (1.1.1)
    shoulda-matchers (2.1.0)
      activesupport (>= 3.0.0)
    simple_form (2.0.2)
      actionpack (~> 3.0)
      activemodel (~> 3.0)
    spork (0.9.0)
    spork (0.9.0-x86-mingw32)
      win32-process
    sprockets (2.2.2)
      hike (~> 1.2)
      multi_json (~> 1.0)
      rack (~> 1.0)
      tilt (~> 1.1, != 1.3.0)
    state_machine (1.1.2)
    strong_parameters (0.2.0)
      actionpack (~> 3.0)
      activemodel (~> 3.0)
      railties (~> 3.0)
    thin (1.5.0)
      daemons (>= 1.0.9)
      eventmachine (>= 0.12.6)
      rack (>= 1.0.0)
    thor (0.18.1)
    tilt (1.4.1)
    treetop (1.4.12)
      polyglot
      polyglot (>= 0.3.1)
    tzinfo (0.3.37)
    uglifier (1.2.3)
      execjs (>= 0.3.0)
      multi_json (>= 1.0.2)
    warden (1.2.1)
      rack (>= 1.0)
    websocket (1.0.7)
    websocket-driver (0.1.0)
    will_paginate (3.0.3)
    win32-process (0.7.2)
      ffi (>= 1.0.0)
    xpath (1.0.0)
      nokogiri (~> 1.3)

PLATFORMS
  ruby
  x86-mingw32

DEPENDENCIES
  active_attr (= 0.7.0)
  activerecord-postgres-hstore (= 0.7.5)
  american_date (= 1.0.0)
  annotate (= 2.5.0)
  bcrypt-ruby (= 3.0.1)
  best_in_place!
  better_errors
  binding_of_caller
  bootstrap-datepicker-rails (= 1.0.0)
  bootstrap-editable-rails
  bootstrap-sass (= 2.0.4)
  bootstrap-will_paginate (= 0.0.5)
  capybara (= 2.0.2)
  capybara-screenshot (= 0.3.4)
  carmen (= 1.0.0.beta2)
  carmen-rails (= 1.0.0.beta3)
  coffee-rails (= 3.2.2)
  cucumber-rails (= 1.2.1)
  database_cleaner (~> 0.9.1)
  declarative_authorization (= 0.5.5)
  devise (= 2.0.0)
  factory_girl_rails (= 4.1.0)
  faker (= 1.0.1)
  figaro (= 0.5.3)
  fullcalendar-rails (= 1.5.4.0)
  jquery-datatables-rails
  jquery-rails (= 2.1.4)
  jquery-ui-rails (= 4.0.1)
  jquery_mobile_rails (= 1.2.0)
  launchy (= 2.1.0)
  letter_opener
  magiclabs-userstamp (= 2.0.2)
  meta_request
  mocha
  money-rails (= 0.8.0)
  nifty-generators
  pg (= 0.14.1)
  poltergeist (= 1.1.0)
  quiet_assets
  rails (= 3.2.12)
  rails3-jquery-autocomplete!
  rb-fsevent (= 0.9.1)
  rspec-rails (= 2.13.0)
  ruby-graphviz
  ruby_parser
  sass-rails (= 3.2.4)
  select2-rails (= 3.3.1)
  shoulda
  simple_form (= 2.0.2)
  spork (= 0.9.0)
  state_machine (= 1.1.2)
  strong_parameters (= 0.2.0)
  thin (= 1.5.0)
  uglifier (= 1.2.3)
  will_paginate (= 3.0.3)
